GEM
  remote: https://rubygems.org/
  specs:
    gosu (0.10.4)
    gosu (0.10.4-x64-mingw32)
    gosu (0.10.4-x86-mingw32)

PLATFORMS
  ruby
  x64-mingw32
  x86-mingw32

DEPENDENCIES
  gosu

BUNDLED WITH
   1.16.0
